PATH
  remote: .
  specs:
    googlebook (0.1.0)
      httparty (~> 0.7.4)

GEM
  remote: http://rubygems.org/
  specs:
    addressable (2.2.4)
    crack (0.1.8)
    diff-lcs (1.1.2)
    httparty (0.7.4)
      crack (= 0.1.8)
    rspec (2.5.0)
      rspec-core (~> 2.5.0)
      rspec-expectations (~> 2.5.0)
      rspec-mocks (~> 2.5.0)
    rspec-core (2.5.1)
    rspec-expectations (2.5.0)
      diff-lcs (~> 1.1.2)
    rspec-mocks (2.5.0)
    vcr (1.7.0)
    webmock (1.6.2)
      addressable (>= 2.2.2)
      crack (>= 0.1.7)

PLATFORMS
  ruby

DEPENDENCIES
  googlebook!
  rspec (~> 2.5.0)
  vcr (~> 1.7.0)
  webmock (~> 1.6.2)
