PATH
  remote: .
  specs:
    googlebook (0.0.1)
      httparty (~> 0.6.1)

GEM
  remote: http://rubygems.org/
  specs:
    addressable (2.2.2)
    crack (0.1.8)
    diff-lcs (1.1.2)
    httparty (0.6.1)
      crack (= 0.1.8)
    json (1.4.6)
    rdiscount (1.6.5)
    rdoc (2.4.3)
    rspec (2.0.1)
      rspec-core (~> 2.0.1)
      rspec-expectations (~> 2.0.1)
      rspec-mocks (~> 2.0.1)
    rspec-core (2.0.1)
    rspec-expectations (2.0.1)
      diff-lcs (>= 1.1.2)
    rspec-mocks (2.0.1)
      rspec-core (~> 2.0.1)
      rspec-expectations (~> 2.0.1)
    sdoc (0.2.20)
      json (>= 1.1.3)
      rdoc (= 2.4.3)
    sdoc-helpers (0.1.4)
      sdoc (~> 0.2)
    vcr (1.2.0)
    webmock (1.4.0)
      addressable (>= 2.2.2)
      crack (>= 0.1.7)

PLATFORMS
  ruby

DEPENDENCIES
  googlebook!
  httparty (~> 0.6.1)
  rdiscount (~> 1.6.5)
  rspec (~> 2.0.1)
  sdoc-helpers (~> 0.1.4)
  vcr (~> 1.2.0)
  webmock (~> 1.4.0)
